PATH
  remote: .
  specs:
    adapter (0.5.2)

GEM
  remote: http://rubygems.org/
  specs:
    activesupport (3.0.3)
    diff-lcs (1.1.3)
    ffi (1.0.11)
    growl (1.0.3)
    guard (1.0.0)
      ffi (>= 0.5.0)
      thor (~> 0.14.6)
    guard-bundler (0.1.3)
      bundler (>= 1.0.0)
      guard (>= 0.2.2)
    guard-rspec (0.6.0)
      guard (>= 0.10.0)
    i18n (0.5.0)
    log_buddy (0.5.0)
    rake (0.9.2)
    rb-fsevent (0.4.3.1)
    rb-readline (0.4.2)
    rspec (2.5.0)
      rspec-core (~> 2.5.0)
      rspec-expectations (~> 2.5.0)
      rspec-mocks (~> 2.5.0)
    rspec-core (2.5.1)
    rspec-expectations (2.5.0)
      diff-lcs (~> 1.1.2)
    rspec-mocks (2.5.0)
    thor (0.14.6)
    timecop (0.3.5)

PLATFORMS
  ruby

DEPENDENCIES
  activesupport (~> 3)
  adapter!
  growl
  guard
  guard-bundler
  guard-rspec
  i18n
  log_buddy
  rake
  rb-fsevent
  rb-readline
  rspec
  timecop
