PATH
  remote: .
  specs:
    adapter (0.5.2)

GEM
  remote: http://rubygems.org/
  specs:
    activesupport (3.0.3)
    diff-lcs (1.1.3)
    i18n (0.5.0)
    log_buddy (0.5.0)
    rake (0.9.2)
    rspec (2.5.0)
      rspec-core (~> 2.5.0)
      rspec-expectations (~> 2.5.0)
      rspec-mocks (~> 2.5.0)
    rspec-core (2.5.1)
    rspec-expectations (2.5.0)
      diff-lcs (~> 1.1.2)
    rspec-mocks (2.5.0)
    timecop (0.3.5)

PLATFORMS
  ruby

DEPENDENCIES
  activesupport (~> 3)
  adapter!
  i18n
  log_buddy
  rake
  rspec
  timecop
